GIT
  remote: https://github.com/nohupbrasil/minitest-colorize.git
  revision: e9bfd39673ee9ab8f341f410c22850b97b12353a
  specs:
    minitest-colorize (0.0.4)
      minitest (>= 2.0)

GEM
  remote: http://rubygems.org/
  specs:
    active_attr (0.6.0)
      activemodel (>= 3.0.2, < 4.1)
      activesupport (>= 3.0.2, < 4.1)
    activemodel (3.2.8)
      activesupport (= 3.2.8)
      builder (~> 3.0.0)
    activerecord (3.2.8)
      activemodel (= 3.2.8)
      activesupport (= 3.2.8)
      arel (~> 3.0.2)
      tzinfo (~> 0.3.29)
    activesupport (3.2.8)
      i18n (~> 0.6)
      multi_json (~> 1.0)
    ansi (1.4.3)
    arel (3.0.2)
    builder (3.0.0)
    cucumber (1.2.1)
      builder (>= 2.1.2)
      diff-lcs (>= 1.1.3)
      gherkin (~> 2.11.0)
      json (>= 1.4.6)
    diff-lcs (1.1.3)
    gherkin (2.11.2)
      json (>= 1.4.6)
    hashie (1.2.0)
    i18n (0.6.0)
    json (1.7.5)
    metaclass (0.0.1)
    minitest (3.3.0)
    minitest-reporters (0.10.1)
      ansi
      builder
      minitest (>= 2.12, < 4.0)
      powerbar
    mocha (0.12.3)
      metaclass (~> 0.0.1)
    multi_json (1.3.6)
    powerbar (1.0.8)
      ansi (~> 1.4.0)
      hashie (>= 1.1.0)
    rake (0.9.2.2)
    sqlite3 (1.3.6)
    tzinfo (0.3.33)

PLATFORMS
  ruby

DEPENDENCIES
  active_attr (~> 0.6.0)
  activemodel (~> 3.2.8)
  activerecord
  activesupport (~> 3.2.8)
  cucumber (~> 1.2.1)
  minitest (~> 3.3.0)
  minitest-colorize!
  minitest-reporters (~> 0.10.0)
  mocha (~> 0.12.3)
  rake
  sqlite3
